GIT
  remote: https://github.com/rodjek/puppet-lint.git
  revision: 2546fed6be894bbcff15c3f48d4b6f6bc15d94d1
  specs:
    puppet-lint (1.1.0)

GEM
  remote: https://rubygems.org/
  specs:
    CFPropertyList (2.2.8)
    diff-lcs (1.2.5)
    facter (2.4.4)
      CFPropertyList (~> 2.2.6)
    faraday (0.9.2)
      multipart-post (>= 1.2, < 3)
    faraday_middleware (0.9.2)
      faraday (>= 0.7.4, < 0.10)
    hiera (3.0.1)
      json_pure
    json_pure (1.8.3)
    librarian-puppet (2.1.0)
      librarianp (>= 0.5.1)
      puppet_forge
      rsync
    librarianp (0.6.3)
      thor (~> 0.15)
    metaclass (0.0.4)
    minitar (0.5.4)
    mocha (1.1.0)
      metaclass (~> 0.0.1)
    multipart-post (2.0.0)
    puppet (4.2.3)
      facter (> 2.0, < 4)
      hiera (>= 2.0, < 4)
      json_pure
    puppet-syntax (2.0.0)
      rake
    puppet_forge (2.1.1)
      faraday (~> 0.9.0)
      faraday_middleware (~> 0.9.0)
      minitar
      semantic_puppet (~> 0.1.0)
    puppetlabs_spec_helper (1.0.0)
      mocha
      puppet-lint
      puppet-syntax
      rake
      rspec-puppet
    rake (10.4.2)
    rspec (3.3.0)
      rspec-core (~> 3.3.0)
      rspec-expectations (~> 3.3.0)
      rspec-mocks (~> 3.3.0)
    rspec-core (3.3.2)
      rspec-support (~> 3.3.0)
    rspec-expectations (3.3.1)
      diff-lcs (>= 1.2.0, < 2.0)
      rspec-support (~> 3.3.0)
    rspec-mocks (3.3.2)
      diff-lcs (>= 1.2.0, < 2.0)
      rspec-support (~> 3.3.0)
    rspec-puppet (2.2.0)
      rspec
    rspec-support (3.3.0)
    rsync (1.0.9)
    semantic_puppet (0.1.1)
    thor (0.19.1)

PLATFORMS
  ruby

DEPENDENCIES
  librarian-puppet
  puppet
  puppet-lint!
  puppet-syntax
  puppetlabs_spec_helper
  rake
  rspec
  rspec-puppet

BUNDLED WITH
   1.10.6
